RESTRICTION: || (== net472) (== netstandard2.0)
NUGET
  remote: https://api.nuget.org/v3/index.json
    FSharp.Core (4.7.2)
    NodaTime (3.1.11)
      System.Runtime.CompilerServices.Unsafe (>= 4.7.1)
    Optional (4.0)
    System.Reflection.Emit.ILGeneration (4.7)
    System.Reflection.Emit.Lightweight (4.7)
      System.Reflection.Emit.ILGeneration (>= 4.7) - restriction: || (&& (== net472) (< net45)) (&& (== net472) (< netstandard2.0) (>= wpa81)) (&& (== net472) (< portable-net45+wp8)) (&& (== net472) (>= uap10.1)) (== netstandard2.0)
    System.Runtime.CompilerServices.Unsafe (6.0)

GROUP Test
RESTRICTION: == net472
NUGET
  remote: https://api.nuget.org/v3/index.json
    FSharp.Core (4.7.2)
    Microsoft.Bcl.AsyncInterfaces (8.0)
      System.Threading.Tasks.Extensions (>= 4.5.4)
    Microsoft.CodeCoverage (17.9)
    Microsoft.Extensions.Configuration (8.0)
      Microsoft.Extensions.Configuration.Abstractions (>= 8.0)
      Microsoft.Extensions.Primitives (>= 8.0)
    Microsoft.Extensions.Configuration.Abstractions (8.0)
      Microsoft.Extensions.Primitives (>= 8.0)
      System.ValueTuple (>= 4.5)
    Microsoft.Extensions.Configuration.FileExtensions (8.0)
      Microsoft.Extensions.Configuration (>= 8.0)
      Microsoft.Extensions.Configuration.Abstractions (>= 8.0)
      Microsoft.Extensions.FileProviders.Abstractions (>= 8.0)
      Microsoft.Extensions.FileProviders.Physical (>= 8.0)
      Microsoft.Extensions.Primitives (>= 8.0)
    Microsoft.Extensions.Configuration.Json (8.0)
      Microsoft.Extensions.Configuration (>= 8.0)
      Microsoft.Extensions.Configuration.Abstractions (>= 8.0)
      Microsoft.Extensions.Configuration.FileExtensions (>= 8.0)
      Microsoft.Extensions.FileProviders.Abstractions (>= 8.0)
      System.Text.Json (>= 8.0)
    Microsoft.Extensions.FileProviders.Abstractions (8.0)
      Microsoft.Extensions.Primitives (>= 8.0)
    Microsoft.Extensions.FileProviders.Physical (8.0)
      Microsoft.Extensions.FileProviders.Abstractions (>= 8.0)
      Microsoft.Extensions.FileSystemGlobbing (>= 8.0)
      Microsoft.Extensions.Primitives (>= 8.0)
    Microsoft.Extensions.FileSystemGlobbing (8.0)
    Microsoft.Extensions.Primitives (8.0)
      System.Memory (>= 4.5.5)
      System.Runtime.CompilerServices.Unsafe (>= 6.0)
    Microsoft.NET.Test.Sdk (17.9)
      Microsoft.CodeCoverage (>= 17.9)
    NUnit (3.14)
    NUnit3TestAdapter (4.5)
    System.Buffers (4.5.1)
    System.Memory (4.5.5)
      System.Buffers (>= 4.5.1)
      System.Numerics.Vectors (>= 4.5)
      System.Runtime.CompilerServices.Unsafe (>= 4.5.3)
    System.Numerics.Vectors (4.5)
    System.Runtime.CompilerServices.Unsafe (6.0)
    System.Text.Encodings.Web (8.0)
      System.Buffers (>= 4.5.1)
      System.Memory (>= 4.5.5)
      System.Runtime.CompilerServices.Unsafe (>= 6.0)
    System.Text.Json (8.0.2)
      Microsoft.Bcl.AsyncInterfaces (>= 8.0)
      System.Buffers (>= 4.5.1)
      System.Memory (>= 4.5.5)
      System.Runtime.CompilerServices.Unsafe (>= 6.0)
      System.Text.Encodings.Web (>= 8.0)
      System.Threading.Tasks.Extensions (>= 4.5.4)
      System.ValueTuple (>= 4.5)
    System.Threading.Tasks.Extensions (4.5.4)
      System.Runtime.CompilerServices.Unsafe (>= 4.5.3)
    System.ValueTuple (4.5)
