RESTRICTION: || (== net472) (== netstandard2.0) (== netstandard2.1)
NUGET
  remote: https://api.nuget.org/v3/index.json
    FSharp.Core (6.0.7) - content: none
    NodaTime (3.2.2)
      System.Runtime.CompilerServices.Unsafe (>= 6.0)
    Optional (4.0)
    System.Reflection.Emit.ILGeneration (4.7)
    System.Reflection.Emit.Lightweight (4.7)
      System.Reflection.Emit.ILGeneration (>= 4.7) - restriction: || (&& (== net472) (< net45)) (&& (== net472) (< netstandard2.0) (>= wpa81)) (&& (== net472) (< portable-net45+wp8)) (&& (== net472) (>= uap10.1)) (== netstandard2.0) (&& (== netstandard2.1) (< netstandard2.0)) (&& (== netstandard2.1) (< portable-net45+wp8)) (&& (== netstandard2.1) (>= uap10.1))
    System.Runtime.CompilerServices.Unsafe (6.1.2)

GROUP Tests
STORAGE: NONE
RESTRICTION: || (== net472) (== net8.0)
NUGET
  remote: https://api.nuget.org/v3/index.json
    FSharp.Core (6.0.7) - content: none
    FsUnit.xUnit (7.0.1)
      FSharp.Core (>= 5.0.2)
      NHamcrest (>= 4.0)
      xunit.v3 (>= 1.0)
    Microsoft.Bcl.AsyncInterfaces (9.0.5)
      System.Threading.Tasks.Extensions (>= 4.5.4) - restriction: || (== net472) (&& (== net8.0) (>= net462)) (&& (== net8.0) (< netstandard2.1))
    Microsoft.CodeCoverage (17.14)
    Microsoft.Extensions.Configuration (9.0.5)
      Microsoft.Extensions.Configuration.Abstractions (>= 9.0.5)
      Microsoft.Extensions.Primitives (>= 9.0.5)
    Microsoft.Extensions.Configuration.Abstractions (9.0.5)
      Microsoft.Extensions.Primitives (>= 9.0.5)
      System.ValueTuple (>= 4.5) - restriction: || (== net472) (&& (== net8.0) (>= net462))
    Microsoft.Extensions.Configuration.FileExtensions (9.0.5)
      Microsoft.Extensions.Configuration (>= 9.0.5)
      Microsoft.Extensions.Configuration.Abstractions (>= 9.0.5)
      Microsoft.Extensions.FileProviders.Abstractions (>= 9.0.5)
      Microsoft.Extensions.FileProviders.Physical (>= 9.0.5)
      Microsoft.Extensions.Primitives (>= 9.0.5)
    Microsoft.Extensions.Configuration.Json (9.0.5)
      Microsoft.Extensions.Configuration (>= 9.0.5)
      Microsoft.Extensions.Configuration.Abstractions (>= 9.0.5)
      Microsoft.Extensions.Configuration.FileExtensions (>= 9.0.5)
      Microsoft.Extensions.FileProviders.Abstractions (>= 9.0.5)
      System.Text.Json (>= 9.0.5)
    Microsoft.Extensions.FileProviders.Abstractions (9.0.5)
      Microsoft.Extensions.Primitives (>= 9.0.5)
    Microsoft.Extensions.FileProviders.Physical (9.0.5)
      Microsoft.Extensions.FileProviders.Abstractions (>= 9.0.5)
      Microsoft.Extensions.FileSystemGlobbing (>= 9.0.5)
      Microsoft.Extensions.Primitives (>= 9.0.5)
    Microsoft.Extensions.FileSystemGlobbing (9.0.5)
    Microsoft.Extensions.Primitives (9.0.5)
      System.Memory (>= 4.5.5) - restriction: || (== net472) (&& (== net8.0) (>= net462))
      System.Runtime.CompilerServices.Unsafe (>= 6.0) - restriction: || (== net472) (&& (== net8.0) (>= net462))
    Microsoft.NET.Test.Sdk (17.14)
      Microsoft.CodeCoverage (>= 17.14)
      Microsoft.TestPlatform.TestHost (>= 17.14) - restriction: || (&& (== net472) (>= net8.0)) (== net8.0)
    Microsoft.Testing.Extensions.TrxReport.Abstractions (1.7)
      Microsoft.Testing.Platform (>= 1.7)
    Microsoft.Testing.Platform (1.7)
    Microsoft.Testing.Platform.MSBuild (1.7)
      Microsoft.Testing.Platform (>= 1.7)
    Microsoft.TestPlatform.ObjectModel (17.14)
      System.Reflection.Metadata (>= 8.0)
    Microsoft.TestPlatform.TestHost (17.14) - restriction: || (&& (== net472) (>= net8.0)) (== net8.0)
      Microsoft.TestPlatform.ObjectModel (>= 17.14) - restriction: || (&& (== net472) (>= net8.0)) (== net8.0)
      Newtonsoft.Json (>= 13.0.3) - restriction: || (&& (== net472) (>= net8.0)) (== net8.0)
    Newtonsoft.Json (13.0.3) - restriction: || (&& (== net472) (>= net8.0)) (== net8.0)
    NHamcrest (4.0)
    NodaTime (3.2.2)
      System.Runtime.CompilerServices.Unsafe (>= 6.0) - restriction: || (== net472) (&& (== net8.0) (< net6.0))
    Optional (4.0)
    System.Buffers (4.6.1) - restriction: == net472
    System.Collections.Immutable (9.0.5) - restriction: || (== net472) (&& (== net8.0) (>= net472))
      System.Memory (>= 4.5.5) - restriction: || (== net472) (&& (== net8.0) (>= net462))
      System.Runtime.CompilerServices.Unsafe (>= 6.0) - restriction: || (== net472) (&& (== net8.0) (>= net462))
    System.IO.Pipelines (9.0.5)
      System.Buffers (>= 4.5.1) - restriction: || (== net472) (&& (== net8.0) (>= net462))
      System.Memory (>= 4.5.5) - restriction: || (== net472) (&& (== net8.0) (>= net462))
      System.Threading.Tasks.Extensions (>= 4.5.4) - restriction: || (== net472) (&& (== net8.0) (>= net462))
    System.Memory (4.6.3) - restriction: == net472
      System.Buffers (>= 4.6.1) - restriction: || (== net472) (&& (== net8.0) (>= net462)) (&& (== net8.0) (< netcoreapp2.1) (< netstandard2.1))
      System.Numerics.Vectors (>= 4.6.1) - restriction: || (== net472) (&& (== net8.0) (>= net462)) (&& (== net8.0) (< netcoreapp2.1) (< netstandard2.1))
      System.Runtime.CompilerServices.Unsafe (>= 6.1.2) - restriction: || (== net472) (&& (== net8.0) (>= net462)) (&& (== net8.0) (< netcoreapp2.1) (< netstandard2.1))
    System.Numerics.Vectors (4.6.1) - restriction: == net472
    System.Reflection.Emit.ILGeneration (4.7)
    System.Reflection.Emit.Lightweight (4.7)
    System.Reflection.Metadata (9.0.5) - restriction: || (== net472) (&& (== net8.0) (>= net472))
      System.Collections.Immutable (>= 9.0.5)
      System.Memory (>= 4.5.5) - restriction: || (== net472) (&& (== net8.0) (>= net462))
    System.Runtime.CompilerServices.Unsafe (6.1.2) - restriction: || (== net472) (&& (== net8.0) (< net6.0))
    System.Text.Encodings.Web (9.0.5)
      System.Buffers (>= 4.5.1) - restriction: || (== net472) (&& (== net8.0) (>= net462))
      System.Memory (>= 4.5.5) - restriction: || (== net472) (&& (== net8.0) (>= net462))
      System.Runtime.CompilerServices.Unsafe (>= 6.0) - restriction: || (== net472) (&& (== net8.0) (>= net462))
    System.Text.Json (9.0.5)
      Microsoft.Bcl.AsyncInterfaces (>= 9.0.5) - restriction: || (== net472) (&& (== net8.0) (>= net462))
      System.Buffers (>= 4.5.1) - restriction: || (== net472) (&& (== net8.0) (>= net462))
      System.IO.Pipelines (>= 9.0.5)
      System.Memory (>= 4.5.5) - restriction: || (== net472) (&& (== net8.0) (>= net462))
      System.Runtime.CompilerServices.Unsafe (>= 6.0) - restriction: || (== net472) (&& (== net8.0) (>= net462))
      System.Text.Encodings.Web (>= 9.0.5)
      System.Threading.Tasks.Extensions (>= 4.5.4) - restriction: || (== net472) (&& (== net8.0) (>= net462))
      System.ValueTuple (>= 4.5) - restriction: || (== net472) (&& (== net8.0) (>= net462))
    System.Threading.Tasks.Extensions (4.6.3) - restriction: || (== net472) (&& (== net8.0) (>= net462))
      System.Runtime.CompilerServices.Unsafe (>= 6.1.2) - restriction: || (== net472) (&& (== net8.0) (>= net462)) (&& (== net8.0) (< netcoreapp2.1) (< netstandard2.1))
    System.ValueTuple (4.6.1) - restriction: || (== net472) (&& (== net8.0) (>= net462))
    xunit.analyzers (1.21)
    xunit.runner.visualstudio (3.1)
      Microsoft.TestPlatform.ObjectModel (>= 17.13) - restriction: || (== net472) (&& (== net8.0) (>= net472))
    xunit.v3 (2.0.2)
      xunit.analyzers (>= 1.21)
      xunit.v3.assert (2.0.2)
      xunit.v3.core (2.0.2)
    xunit.v3.assert (2.0.2)
      System.Collections.Immutable (>= 6.0) - restriction: == net472
      System.Memory (>= 4.5.5) - restriction: == net472
    xunit.v3.common (2.0.2)
      Microsoft.Bcl.AsyncInterfaces (>= 6.0)
    xunit.v3.core (2.0.2)
      Microsoft.Testing.Platform.MSBuild (>= 1.6.3)
      xunit.v3.extensibility.core (2.0.2)
      xunit.v3.runner.inproc.console (2.0.2)
    xunit.v3.extensibility.core (2.0.2)
      xunit.v3.common (2.0.2)
    xunit.v3.runner.common (2.0.2)
      xunit.v3.common (2.0.2)
    xunit.v3.runner.inproc.console (2.0.2)
      Microsoft.Testing.Extensions.TrxReport.Abstractions (>= 1.6.3)
      Microsoft.Testing.Platform (>= 1.6.3)
      xunit.v3.extensibility.core (2.0.2)
      xunit.v3.runner.common (2.0.2)
