RESTRICTION: || (== net472) (== net5.0) (== net6.0) (== netcoreapp3.1) (== netstandard2.0)
NUGET
  remote: https://www.nuget.org/api/v2
    FSharp.Core (5.0.1)
    Microsoft.Bcl.AsyncInterfaces (6.0) - restriction: || (== net472) (&& (== net5.0) (>= net461)) (&& (== net5.0) (< netcoreapp3.1)) (&& (== net6.0) (>= net461)) (&& (== net6.0) (< netcoreapp3.1)) (&& (== netcoreapp3.1) (>= net461)) (== netstandard2.0)
      System.Threading.Tasks.Extensions (>= 4.5.4) - restriction: || (== net472) (&& (== net5.0) (>= net461)) (&& (== net5.0) (< netstandard2.1)) (&& (== net6.0) (>= net461)) (&& (== net6.0) (< netstandard2.1)) (&& (== netcoreapp3.1) (>= net461)) (&& (== netcoreapp3.1) (< netstandard2.1)) (== netstandard2.0)
    Microsoft.CodeCoverage (17.0) - restriction: || (== net472) (== net5.0) (== net6.0) (== netcoreapp3.1) (&& (== netstandard2.0) (>= net45)) (&& (== netstandard2.0) (>= netcoreapp1.0))
    Microsoft.Extensions.Configuration (6.0)
      Microsoft.Extensions.Configuration.Abstractions (>= 6.0)
      Microsoft.Extensions.Primitives (>= 6.0)
    Microsoft.Extensions.Configuration.Abstractions (6.0)
      Microsoft.Extensions.Primitives (>= 6.0)
      System.ValueTuple (>= 4.5) - restriction: || (== net472) (&& (== net5.0) (>= net461)) (&& (== net6.0) (>= net461)) (&& (== netcoreapp3.1) (>= net461)) (&& (== netstandard2.0) (>= net461))
    Microsoft.Extensions.Configuration.FileExtensions (6.0)
      Microsoft.Extensions.Configuration (>= 6.0)
      Microsoft.Extensions.Configuration.Abstractions (>= 6.0)
      Microsoft.Extensions.FileProviders.Abstractions (>= 6.0)
      Microsoft.Extensions.FileProviders.Physical (>= 6.0)
      Microsoft.Extensions.Primitives (>= 6.0)
    Microsoft.Extensions.Configuration.Json (6.0)
      Microsoft.Extensions.Configuration (>= 6.0)
      Microsoft.Extensions.Configuration.Abstractions (>= 6.0)
      Microsoft.Extensions.Configuration.FileExtensions (>= 6.0)
      Microsoft.Extensions.FileProviders.Abstractions (>= 6.0)
      System.Memory (>= 4.5.4) - restriction: || (== net472) (&& (== net5.0) (>= net461)) (&& (== net5.0) (< netstandard2.1)) (&& (== net6.0) (>= net461)) (&& (== net6.0) (< netstandard2.1)) (&& (== netcoreapp3.1) (>= net461)) (&& (== netcoreapp3.1) (< netstandard2.1)) (== netstandard2.0)
      System.Text.Json (>= 6.0)
    Microsoft.Extensions.FileProviders.Abstractions (6.0)
      Microsoft.Extensions.Primitives (>= 6.0)
    Microsoft.Extensions.FileProviders.Physical (6.0)
      Microsoft.Extensions.FileProviders.Abstractions (>= 6.0)
      Microsoft.Extensions.FileSystemGlobbing (>= 6.0)
      Microsoft.Extensions.Primitives (>= 6.0)
      System.Security.Cryptography.Algorithms (>= 4.3.1) - restriction: || (== net472) (&& (== net5.0) (>= net461)) (&& (== net6.0) (>= net461)) (&& (== netcoreapp3.1) (>= net461)) (&& (== netstandard2.0) (>= net461))
    Microsoft.Extensions.FileSystemGlobbing (6.0)
    Microsoft.Extensions.Primitives (6.0)
      System.Memory (>= 4.5.4) - restriction: || (== net472) (&& (== net5.0) (>= net461)) (&& (== net5.0) (< netcoreapp3.1)) (&& (== net6.0) (>= net461)) (&& (== net6.0) (< netcoreapp3.1)) (&& (== netcoreapp3.1) (>= net461)) (== netstandard2.0)
      System.Runtime.CompilerServices.Unsafe (>= 6.0)
    Microsoft.NET.Test.Sdk (17.0)
      Microsoft.CodeCoverage (>= 17.0) - restriction: || (== net472) (== net5.0) (== net6.0) (== netcoreapp3.1) (&& (== netstandard2.0) (>= net45)) (&& (== netstandard2.0) (>= netcoreapp1.0))
      Microsoft.TestPlatform.TestHost (>= 17.0) - restriction: || (&& (== net472) (>= netcoreapp1.0)) (== net5.0) (== net6.0) (== netcoreapp3.1) (&& (== netstandard2.0) (>= netcoreapp1.0))
    Microsoft.NETCore.Platforms (6.0.1) - restriction: || (&& (== net472) (< net35)) (&& (== net472) (>= netcoreapp2.0)) (&& (== net472) (< netstandard1.0) (>= win8)) (&& (== net472) (< netstandard1.3) (>= wpa81)) (&& (== net472) (< netstandard1.5) (>= uap10.0)) (&& (== net472) (>= uap10.1)) (&& (== net472) (>= wp8)) (== net5.0) (== net6.0) (== netcoreapp3.1) (== netstandard2.0)
    Microsoft.TestPlatform.ObjectModel (17.0) - restriction: || (&& (== net472) (>= netcoreapp1.0)) (== net5.0) (== net6.0) (== netcoreapp3.1) (&& (== netstandard2.0) (>= netcoreapp1.0))
      NuGet.Frameworks (>= 5.0)
      System.Reflection.Metadata (>= 1.6)
    Microsoft.TestPlatform.TestHost (17.0) - restriction: || (&& (== net472) (>= netcoreapp1.0)) (== net5.0) (== net6.0) (== netcoreapp3.1) (&& (== netstandard2.0) (>= netcoreapp1.0))
      Microsoft.TestPlatform.ObjectModel (>= 17.0) - restriction: || (&& (== net472) (>= netcoreapp1.0)) (&& (== net472) (>= uap10.0)) (== net5.0) (== net6.0) (== netcoreapp3.1) (&& (== netstandard2.0) (>= netcoreapp1.0)) (&& (== netstandard2.0) (>= uap10.0))
      Newtonsoft.Json (>= 9.0.1) - restriction: || (&& (== net472) (>= netcoreapp1.0)) (&& (== net472) (>= uap10.0)) (== net5.0) (== net6.0) (== netcoreapp3.1) (&& (== netstandard2.0) (>= netcoreapp1.0)) (&& (== netstandard2.0) (>= uap10.0))
    NETStandard.Library (2.0.3) - restriction: || (&& (== net472) (< net35)) (== net5.0) (== net6.0) (== netcoreapp3.1) (== netstandard2.0)
      Microsoft.NETCore.Platforms (>= 1.1)
    Newtonsoft.Json (13.0.1) - restriction: || (&& (== net472) (>= netcoreapp1.0)) (== net5.0) (== net6.0) (== netcoreapp3.1) (&& (== netstandard2.0) (>= netcoreapp1.0))
    NodaTime (3.0.9)
      System.Runtime.CompilerServices.Unsafe (>= 4.7.1)
    NuGet.Frameworks (6.0) - restriction: || (&& (== net472) (>= netcoreapp1.0)) (&& (== net472) (>= netcoreapp2.1)) (== net5.0) (== net6.0) (== netcoreapp3.1) (&& (== netstandard2.0) (>= netcoreapp1.0)) (&& (== netstandard2.0) (>= netcoreapp2.1))
    NUnit (3.13.2)
      NETStandard.Library (>= 2.0) - restriction: || (&& (== net472) (< net35)) (== net5.0) (== net6.0) (== netcoreapp3.1) (== netstandard2.0)
    NUnit.Console (3.14)
      NUnit.ConsoleRunner (>= 3.14)
      NUnit.Extension.NUnitProjectLoader (>= 3.6)
      NUnit.Extension.NUnitV2Driver (>= 3.8)
      NUnit.Extension.NUnitV2ResultWriter (>= 3.6)
      NUnit.Extension.TeamCityEventListener (>= 1.0.7)
      NUnit.Extension.VSProjectLoader (>= 3.8)
    NUnit.ConsoleRunner (3.14)
    NUnit.Extension.NUnitProjectLoader (3.7.1)
    NUnit.Extension.NUnitV2Driver (3.9)
    NUnit.Extension.NUnitV2ResultWriter (3.7)
    NUnit.Extension.TeamCityEventListener (1.0.7)
    NUnit.Extension.VSProjectLoader (3.9)
    NUnit3TestAdapter (4.2)
    Optional (4.0)
    System.Buffers (4.5.1) - restriction: || (== net472) (&& (== net5.0) (>= net461)) (&& (== net5.0) (< netcoreapp3.1)) (&& (== net6.0) (>= net461)) (&& (== net6.0) (< netcoreapp3.1)) (&& (== netcoreapp3.1) (>= net461)) (== netstandard2.0)
    System.Collections.Immutable (6.0) - restriction: || (&& (== net472) (>= netcoreapp1.0)) (&& (== net472) (>= netcoreapp2.1)) (== net5.0) (== net6.0) (== netcoreapp3.1) (&& (== netstandard2.0) (>= netcoreapp1.0)) (&& (== netstandard2.0) (>= netcoreapp2.1))
      System.Memory (>= 4.5.4) - restriction: || (== net472) (== net5.0) (&& (== net6.0) (>= net461)) (== netcoreapp3.1) (== netstandard2.0)
      System.Runtime.CompilerServices.Unsafe (>= 6.0)
    System.IO (4.3) - restriction: || (== net472) (&& (== net5.0) (>= net461)) (&& (== net5.0) (>= net463)) (&& (== net6.0) (>= net461)) (&& (== net6.0) (>= net463)) (&& (== netcoreapp3.1) (>= net461)) (&& (== netcoreapp3.1) (>= net463)) (&& (== netstandard2.0) (>= net461)) (&& (== netstandard2.0) (>= net463))
    System.Memory (4.5.4) - restriction: || (== net472) (== net5.0) (&& (== net6.0) (>= net461)) (&& (== net6.0) (< netstandard2.1)) (== netcoreapp3.1) (== netstandard2.0)
      System.Buffers (>= 4.5.1) - restriction: || (== net472) (&& (== net5.0) (>= monotouch)) (&& (== net5.0) (>= net461)) (&& (== net5.0) (< netcoreapp2.0)) (&& (== net5.0) (< netstandard1.1)) (&& (== net5.0) (< netstandard2.0)) (&& (== net5.0) (>= xamarinios)) (&& (== net5.0) (>= xamarinmac)) (&& (== net5.0) (>= xamarintvos)) (&& (== net5.0) (>= xamarinwatchos)) (&& (== net6.0) (>= monotouch)) (&& (== net6.0) (>= net461)) (&& (== net6.0) (< netcoreapp2.0)) (&& (== net6.0) (< netstandard1.1)) (&& (== net6.0) (< netstandard2.0)) (&& (== net6.0) (>= xamarinios)) (&& (== net6.0) (>= xamarinmac)) (&& (== net6.0) (>= xamarintvos)) (&& (== net6.0) (>= xamarinwatchos)) (&& (== netcoreapp3.1) (>= monotouch)) (&& (== netcoreapp3.1) (>= net461)) (&& (== netcoreapp3.1) (< netcoreapp2.0)) (&& (== netcoreapp3.1) (< netstandard1.1)) (&& (== netcoreapp3.1) (< netstandard2.0)) (&& (== netcoreapp3.1) (>= xamarinios)) (&& (== netcoreapp3.1) (>= xamarinmac)) (&& (== netcoreapp3.1) (>= xamarintvos)) (&& (== netcoreapp3.1) (>= xamarinwatchos)) (== netstandard2.0)
      System.Numerics.Vectors (>= 4.4) - restriction: || (&& (== net472) (< net45)) (&& (== net5.0) (< netcoreapp2.0)) (&& (== net6.0) (< netcoreapp2.0)) (&& (== netcoreapp3.1) (< netcoreapp2.0)) (== netstandard2.0)
      System.Numerics.Vectors (>= 4.5) - restriction: || (== net472) (&& (== net5.0) (>= net461)) (&& (== net6.0) (>= net461)) (&& (== netcoreapp3.1) (>= net461)) (&& (== netstandard2.0) (>= net461))
      System.Runtime.CompilerServices.Unsafe (>= 4.5.3) - restriction: || (== net472) (&& (== net5.0) (>= monotouch)) (&& (== net5.0) (>= net461)) (&& (== net5.0) (< netcoreapp2.0)) (&& (== net5.0) (< netcoreapp2.1)) (&& (== net5.0) (< netstandard1.1)) (&& (== net5.0) (< netstandard2.0)) (&& (== net5.0) (>= uap10.1)) (&& (== net5.0) (>= xamarinios)) (&& (== net5.0) (>= xamarinmac)) (&& (== net5.0) (>= xamarintvos)) (&& (== net5.0) (>= xamarinwatchos)) (&& (== net6.0) (>= monotouch)) (&& (== net6.0) (>= net461)) (&& (== net6.0) (< netcoreapp2.0)) (&& (== net6.0) (< netcoreapp2.1)) (&& (== net6.0) (< netstandard1.1)) (&& (== net6.0) (< netstandard2.0)) (&& (== net6.0) (>= uap10.1)) (&& (== net6.0) (>= xamarinios)) (&& (== net6.0) (>= xamarinmac)) (&& (== net6.0) (>= xamarintvos)) (&& (== net6.0) (>= xamarinwatchos)) (&& (== netcoreapp3.1) (>= monotouch)) (&& (== netcoreapp3.1) (>= net461)) (&& (== netcoreapp3.1) (< netcoreapp2.0)) (&& (== netcoreapp3.1) (< netcoreapp2.1)) (&& (== netcoreapp3.1) (< netstandard1.1)) (&& (== netcoreapp3.1) (< netstandard2.0)) (&& (== netcoreapp3.1) (>= uap10.1)) (&& (== netcoreapp3.1) (>= xamarinios)) (&& (== netcoreapp3.1) (>= xamarinmac)) (&& (== netcoreapp3.1) (>= xamarintvos)) (&& (== netcoreapp3.1) (>= xamarinwatchos)) (== netstandard2.0)
    System.Numerics.Vectors (4.5) - restriction: || (== net472) (&& (== net5.0) (>= net461)) (&& (== net5.0) (< netcoreapp3.1)) (&& (== net6.0) (>= net461)) (&& (== net6.0) (< netcoreapp3.1)) (&& (== netcoreapp3.1) (>= net461)) (== netstandard2.0)
    System.Reflection.Emit.ILGeneration (4.7)
    System.Reflection.Emit.Lightweight (4.7)
      System.Reflection.Emit.ILGeneration (>= 4.7) - restriction: || (&& (== net472) (< net45)) (&& (== net472) (< netstandard2.0) (>= wpa81)) (&& (== net472) (< portable-net45+wp8)) (&& (== net472) (>= uap10.1)) (&& (== net5.0) (< netcoreapp2.0) (< netstandard2.1)) (&& (== net5.0) (< netstandard2.0)) (&& (== net5.0) (< portable-net45+wp8)) (&& (== net5.0) (>= uap10.1)) (&& (== net6.0) (< netcoreapp2.0) (< netstandard2.1)) (&& (== net6.0) (< netstandard2.0)) (&& (== net6.0) (< portable-net45+wp8)) (&& (== net6.0) (>= uap10.1)) (&& (== netcoreapp3.1) (< netcoreapp2.0) (< netstandard2.1)) (&& (== netcoreapp3.1) (< netstandard2.0)) (&& (== netcoreapp3.1) (< portable-net45+wp8)) (&& (== netcoreapp3.1) (>= uap10.1)) (== netstandard2.0)
    System.Reflection.Metadata (6.0) - restriction: || (&& (== net472) (>= netcoreapp1.0)) (&& (== net472) (>= netcoreapp2.1)) (== net5.0) (== net6.0) (== netcoreapp3.1) (&& (== netstandard2.0) (>= netcoreapp1.0)) (&& (== netstandard2.0) (>= netcoreapp2.1))
      System.Collections.Immutable (>= 6.0)
    System.Runtime (4.3.1) - restriction: || (== net472) (&& (== net5.0) (>= net461)) (&& (== net5.0) (>= net463)) (&& (== net6.0) (>= net461)) (&& (== net6.0) (>= net463)) (&& (== netcoreapp3.1) (>= net461)) (&& (== netcoreapp3.1) (>= net463)) (&& (== netstandard2.0) (>= net461)) (&& (== netstandard2.0) (>= net463))
    System.Runtime.CompilerServices.Unsafe (6.0)
    System.Security.Cryptography.Algorithms (4.3.1) - restriction: || (== net472) (&& (== net5.0) (>= net461)) (&& (== net6.0) (>= net461)) (&& (== netcoreapp3.1) (>= net461)) (&& (== netstandard2.0) (>= net461))
      System.IO (>= 4.3)
      System.Runtime (>= 4.3)
      System.Security.Cryptography.Encoding (>= 4.3)
      System.Security.Cryptography.Primitives (>= 4.3)
    System.Security.Cryptography.Encoding (4.3) - restriction: || (== net472) (&& (== net5.0) (>= net461)) (&& (== net5.0) (>= net463)) (&& (== net6.0) (>= net461)) (&& (== net6.0) (>= net463)) (&& (== netcoreapp3.1) (>= net461)) (&& (== netcoreapp3.1) (>= net463)) (&& (== netstandard2.0) (>= net461)) (&& (== netstandard2.0) (>= net463))
    System.Security.Cryptography.Primitives (4.3) - restriction: || (== net472) (&& (== net5.0) (>= net461)) (&& (== net5.0) (>= net463)) (&& (== net6.0) (>= net461)) (&& (== net6.0) (>= net463)) (&& (== netcoreapp3.1) (>= net461)) (&& (== netcoreapp3.1) (>= net463)) (&& (== netstandard2.0) (>= net461)) (&& (== netstandard2.0) (>= net463))
    System.Text.Encodings.Web (6.0)
      System.Buffers (>= 4.5.1) - restriction: || (== net472) (&& (== net5.0) (>= net461)) (&& (== net5.0) (< netcoreapp3.1)) (&& (== net6.0) (>= net461)) (&& (== net6.0) (< netcoreapp3.1)) (&& (== netcoreapp3.1) (>= net461)) (== netstandard2.0)
      System.Memory (>= 4.5.4) - restriction: || (== net472) (&& (== net5.0) (>= net461)) (&& (== net5.0) (< netcoreapp3.1)) (&& (== net6.0) (>= net461)) (&& (== net6.0) (< netcoreapp3.1)) (&& (== netcoreapp3.1) (>= net461)) (== netstandard2.0)
      System.Runtime.CompilerServices.Unsafe (>= 6.0)
    System.Text.Json (6.0.1)
      Microsoft.Bcl.AsyncInterfaces (>= 6.0) - restriction: || (== net472) (&& (== net5.0) (>= net461)) (&& (== net5.0) (< netcoreapp3.1)) (&& (== net6.0) (>= net461)) (&& (== net6.0) (< netcoreapp3.1)) (&& (== netcoreapp3.1) (>= net461)) (== netstandard2.0)
      System.Buffers (>= 4.5.1) - restriction: || (== net472) (&& (== net5.0) (>= net461)) (&& (== net5.0) (< netcoreapp3.1)) (&& (== net6.0) (>= net461)) (&& (== net6.0) (< netcoreapp3.1)) (&& (== netcoreapp3.1) (>= net461)) (== netstandard2.0)
      System.Memory (>= 4.5.4) - restriction: || (== net472) (&& (== net5.0) (>= net461)) (&& (== net5.0) (< netcoreapp3.1)) (&& (== net6.0) (>= net461)) (&& (== net6.0) (< netcoreapp3.1)) (&& (== netcoreapp3.1) (>= net461)) (== netstandard2.0)
      System.Numerics.Vectors (>= 4.5) - restriction: || (== net472) (&& (== net5.0) (>= net461)) (&& (== net5.0) (< netcoreapp3.1)) (&& (== net6.0) (>= net461)) (&& (== net6.0) (< netcoreapp3.1)) (&& (== netcoreapp3.1) (>= net461)) (== netstandard2.0)
      System.Runtime.CompilerServices.Unsafe (>= 6.0)
      System.Text.Encodings.Web (>= 6.0)
      System.Threading.Tasks.Extensions (>= 4.5.4) - restriction: || (== net472) (&& (== net5.0) (>= net461)) (&& (== net5.0) (< netcoreapp3.1)) (&& (== net6.0) (>= net461)) (&& (== net6.0) (< netcoreapp3.1)) (&& (== netcoreapp3.1) (>= net461)) (== netstandard2.0)
      System.ValueTuple (>= 4.5) - restriction: || (== net472) (&& (== net5.0) (>= net461)) (&& (== net6.0) (>= net461)) (&& (== netcoreapp3.1) (>= net461)) (&& (== netstandard2.0) (>= net461))
    System.Threading.Tasks.Extensions (4.5.4) - restriction: || (== net472) (&& (== net5.0) (>= net461)) (&& (== net5.0) (< netcoreapp3.1)) (&& (== net6.0) (>= net461)) (&& (== net6.0) (< netcoreapp3.1)) (&& (== netcoreapp3.1) (>= net461)) (== netstandard2.0)
      System.Runtime.CompilerServices.Unsafe (>= 4.5.3) - restriction: || (== net472) (&& (== net5.0) (>= net461)) (&& (== net5.0) (< netcoreapp2.1)) (&& (== net5.0) (< netstandard1.0)) (&& (== net5.0) (< netstandard2.0)) (&& (== net5.0) (>= wp8)) (&& (== net6.0) (>= net461)) (&& (== net6.0) (< netcoreapp2.1)) (&& (== net6.0) (< netstandard1.0)) (&& (== net6.0) (< netstandard2.0)) (&& (== net6.0) (>= wp8)) (&& (== netcoreapp3.1) (>= net461)) (&& (== netcoreapp3.1) (< netcoreapp2.1)) (&& (== netcoreapp3.1) (< netstandard1.0)) (&& (== netcoreapp3.1) (< netstandard2.0)) (&& (== netcoreapp3.1) (>= wp8)) (== netstandard2.0)
    System.ValueTuple (4.5) - restriction: || (== net472) (&& (== net5.0) (>= net461)) (&& (== net6.0) (>= net461)) (&& (== netcoreapp3.1) (>= net461)) (&& (== netstandard2.0) (>= net461))
